GEM
  remote: https://rubygems.org/
  specs:
    image_suckr (0.2.0)
    rack (1.6.4)
    rack-protection (1.5.3)
      rack
    rmagick (2.15.4)
    sinatra (1.4.7)
      rack (~> 1.5)
      rack-protection (~> 1.4)
      tilt (>= 1.3, < 3)
    tilt (2.0.2)

PLATFORMS
  ruby

DEPENDENCIES
  image_suckr
  rmagick
  sinatra

BUNDLED WITH
   1.11.2
